GIT
  remote: git://github.com/AndrewRadev/vimrunner.git
  revision: 2a6d085b21ccfb2ff563d5304e36db98a2e51bc9
  specs:
    vimrunner (0.3.0)

GEM
  remote: http://rubygems.org/
  specs:
    coderay (1.0.8)
    diff-lcs (1.1.3)
    method_source (0.8.1)
    pry (0.9.10)
      coderay (~> 1.0.5)
      method_source (~> 0.8)
      slop (~> 3.3.1)
    rake (10.0.4)
    rspec (2.12.0)
      rspec-core (~> 2.12.0)
      rspec-expectations (~> 2.12.0)
      rspec-mocks (~> 2.12.0)
    rspec-core (2.12.2)
    rspec-expectations (2.12.1)
      diff-lcs (~> 1.1.3)
    rspec-mocks (2.12.1)
    slop (3.3.3)

PLATFORMS
  ruby

DEPENDENCIES
  pry
  rake
  rspec
  vimrunner!
